GEM
  remote: https://rubygems.org/
  specs:
    mini_portile2 (2.4.0)
    nokogiri (1.10.8)
      mini_portile2 (~> 2.4.0)
    pandoc-ruby (2.0.2)

PLATFORMS
  ruby

DEPENDENCIES
  nokogiri
  pandoc-ruby

RUBY VERSION
   ruby 2.4.2p198

BUNDLED WITH
   1.16.0
